PATH
  remote: .
  specs:
    bowtie_json_schemer (0.1.0)
      json_schemer (>= 0.2, < 2.0)

GEM
  remote: https://rubygems.org/
  specs:
    hana (1.3.7)
    json_schemer (1.0.3)
      hana (~> 1.3)
      regexp_parser (~> 2.0)
      simpleidn (~> 0.2)
    regexp_parser (2.8.1)
    simpleidn (0.2.1)
      unf (~> 0.1.4)
    unf (0.1.4)
      unf_ext
    unf_ext (0.0.8.2)

PLATFORMS
  universal-darwin-21
  x86_64-linux

DEPENDENCIES
  bowtie_json_schemer!

BUNDLED WITH
   2.3.22
